GIT
  remote: git://github.com/asciidoctor/asciidoctor-latex.git
  revision: fcd083b7d2ddb7692bddc4eea6bc249e788bf621
  branch: master
  specs:
    asciidoctor-latex (1.5.0.6.dev)
      asciidoctor (~> 1.5, >= 1.5.2)
      htmlentities (~> 4.3)
      opal (~> 0.6.3)

GEM
  remote: https://rubygems.org/
  specs:
    addressable (2.3.8)
    asciidoctor (1.5.4)
    aws-sdk (2.2.14)
      aws-sdk-resources (= 2.2.14)
    aws-sdk-core (2.2.14)
      jmespath (~> 1.0)
    aws-sdk-resources (2.2.14)
      aws-sdk-core (= 2.2.14)
    bcrypt (3.1.10)
    capybara (2.6.2)
      addressable
      mime-types (>= 1.16)
      nokogiri (>= 1.3.3)
      rack (>= 1.0.0)
      rack-test (>= 0.5.4)
      xpath (~> 2.0)
    concurrent-ruby (1.0.0)
    dotenv (2.1.0)
    htmlentities (4.3.4)
    http_router (0.11.2)
      rack (>= 1.0.0)
      url_mount (~> 0.2.1)
    jmespath (1.1.3)
    jquery-lotus (0.0.1)
      lotus-assets
    json (1.8.3)
    keen (0.9.4)
      addressable (~> 2.3.5)
      multi_json (~> 1.3)
    lotus-assets (0.1.0)
      lotus-helpers (~> 0.2, >= 0.2.5)
      lotus-utils (~> 0.6)
      tilt (~> 2.0, >= 2.0.2)
    lotus-controller (0.5.1)
      lotus-utils (~> 0.6)
      lotus-validations (~> 0.4)
      rack (~> 1.6, >= 1.6.2)
    lotus-helpers (0.2.6)
      lotus-utils (~> 0.6)
    lotus-mailer (0.1.0)
      lotus-utils (~> 0.5)
      mail (~> 2.5)
      tilt (~> 2.0, >= 2.0.1)
    lotus-model (0.5.2)
      lotus-utils (~> 0.6)
      sequel (~> 4.9)
    lotus-router (0.5.1)
      http_router (~> 0.11)
      lotus-utils (~> 0.6)
    lotus-utils (0.6.1)
    lotus-validations (0.4.0)
      lotus-utils (~> 0.6)
    lotus-view (0.5.0)
      lotus-utils (~> 0.6)
      tilt (~> 2.0, >= 2.0.1)
    lotusrb (0.5.0)
      dotenv (~> 2.0)
      lotus-controller (~> 0.4, >= 0.4.5)
      lotus-helpers (~> 0.2, >= 0.2.5)
      lotus-mailer (~> 0.1)
      lotus-router (~> 0.4, >= 0.4.3)
      lotus-utils (~> 0.5, >= 0.5.2)
      lotus-view (~> 0.4, >= 0.4.4)
      shotgun (~> 0.9)
      thor (~> 0.19)
    mail (2.6.3)
      mime-types (>= 1.16, < 3)
    mime-types (2.99)
    mini_portile2 (2.0.0)
    minitest (5.8.4)
    minitest-capybara (0.8.1)
      capybara (~> 2.2)
      minitest (~> 5.0)
      rake
    multi_json (1.11.2)
    nokogiri (1.6.7.2)
      mini_portile2 (~> 2.0.0.rc2)
    opal (0.6.3)
      source_map
      sprockets
    pg (0.18.4)
    puma (2.16.0)
    rack (1.6.4)
    rack-test (0.6.3)
      rack (>= 1.0)
    rake (10.5.0)
    sequel (4.30.0)
    shotgun (0.9.1)
      rack (>= 1.0)
    slim (3.0.6)
      temple (~> 0.7.3)
      tilt (>= 1.3.3, < 2.1)
    source_map (3.0.1)
      json
    sprockets (3.5.2)
      concurrent-ruby (~> 1.0)
      rack (> 1, < 3)
    temple (0.7.6)
    thor (0.19.1)
    thread_safe (0.3.5)
    tilt (2.0.2)
    url_mount (0.2.1)
      rack
    xpath (2.0.0)
      nokogiri (~> 1.3)

PLATFORMS
  ruby

DEPENDENCIES
  asciidoctor (~> 1.5.2)
  asciidoctor-latex!
  aws-sdk (~> 2)
  bcrypt
  bundler
  capybara
  jquery-lotus
  keen
  lotus-assets
  lotus-model (~> 0.5)
  lotusrb (= 0.5.0)
  minitest
  minitest-capybara
  pg
  puma
  rake
  slim
  thread_safe

BUNDLED WITH
   1.10.6
